GEM
  remote: http://rubygems.org/
  specs:
    activesupport (3.0.11)
    async-rack (0.5.1)
      rack (~> 1.1)
    cramp (0.15.1)
      activesupport (~> 3.0.9)
      eventmachine (~> 1.0.0.beta.3)
      rack (~> 1.3.2)
      thor (~> 0.14.6)
    daemons (1.1.4)
    erubis (2.7.0)
    eventmachine (1.0.0.beta.4)
    haml (3.1.4)
    http_parser.rb (0.5.3)
    http_router (0.10.2)
      rack (>= 1.0.0)
      url_mount (~> 0.2.1)
    json (1.6.3)
    multi_json (1.0.4)
    nest (1.1.0)
      redis (~> 2.1)
    ohm (0.1.3)
      nest (~> 1.0)
    rack (1.3.5)
    redis (2.2.2)
    simple_oauth (0.1.5)
    thin (1.3.1)
      daemons (>= 1.0.9)
      eventmachine (>= 0.12.6)
      rack (>= 1.0.0)
    thor (0.14.6)
    tilt (1.3.3)
    tweetstream (1.1.3)
      daemons (~> 1.1.4)
      multi_json (~> 1.0.3)
      twitter-stream (~> 0.1.14)
    twitter-stream (0.1.14)
      eventmachine (>= 0.12.8)
      http_parser.rb (~> 0.5.1)
      simple_oauth (~> 0.1.4)
    url_mount (0.2.1)
      rack

PLATFORMS
  ruby

DEPENDENCIES
  async-rack
  cramp
  erubis
  haml
  http_router
  json
  ohm
  thin
  tilt
  tweetstream
