GEM
  remote: http://rubygems.org/
  specs:
    activesupport (3.2.22.5)
      i18n (~> 0.6, >= 0.6.4)
      multi_json (~> 1.0)
    async-rack (0.5.1)
      rack (~> 1.1)
    barista (1.3.0)
      coffee-script (~> 2.2)
    buftok (0.2.0)
    coffee-script (2.4.1)
      coffee-script-source
      execjs
    coffee-script-source (1.12.2)
    concurrent-ruby (1.0.5)
    cramp (0.15.3)
      activesupport (~> 3.2.16)
      eventmachine (~> 1.0.3)
      faye-websocket (~> 0.7.1)
      rack (~> 1.5.2)
      thor (~> 0.18.0)
    daemons (1.2.5)
    dotenv (0.7.0)
    em-twitter (0.3.5)
      buftok (~> 0.2)
      eventmachine (~> 1.0)
      http_parser.rb (~> 0.6)
      simple_oauth (~> 0.2)
    eventmachine (1.0.9.1)
    execjs (2.7.0)
    faye-websocket (0.7.5)
      eventmachine (>= 0.12.0)
      websocket-driver (>= 0.3.5)
    foreman (0.64.0)
      dotenv (~> 0.7.0)
      thor (>= 0.13.6)
    haml (5.0.4)
      temple (>= 0.8.0)
      tilt
    hiredis (0.6.1)
    http_parser.rb (0.6.0)
    http_router (0.11.2)
      rack (>= 1.0.0)
      url_mount (~> 0.2.1)
    i18n (0.9.1)
      concurrent-ruby (~> 1.0)
    multi_json (1.12.2)
    nest (3.1.1)
      redic
    ohm (3.1.1)
      nest (~> 3)
      redic (~> 1.5.0)
      stal
    rack (1.5.5)
    rake (12.3.0)
    redic (1.5.0)
      hiredis
    simple_oauth (0.3.1)
    stal (0.3.0)
      redic (~> 1.5)
    temple (0.8.0)
    thin (1.7.2)
      daemons (~> 1.0, >= 1.0.9)
      eventmachine (~> 1.0, >= 1.0.4)
      rack (>= 1, < 3)
    thor (0.18.1)
    tilt (2.0.8)
    url_mount (0.2.1)
      rack
    websocket-driver (0.7.0)
      websocket-extensions (>= 0.1.0)
    websocket-extensions (0.1.3)
    yajl-ruby (1.3.1)

PLATFORMS
  ruby

DEPENDENCIES
  async-rack
  barista
  cramp
  em-twitter
  foreman
  haml
  http_router
  ohm
  rack (~> 1.5.4)
  rake
  thin
  tilt
  yajl-ruby (~> 1.3.1)

BUNDLED WITH
   1.16.0
